GIT
  remote: git://github.com/chuckbjones/ri_cal.git
  revision: 63f3635945807bf625e82ecb6d1c40ec592395a2
  specs:
    ri_cal (0.8.8)

GEM
  remote: https://rubygems.org/
  specs:
    Ascii85 (1.0.1)
    actionmailer (2.3.18)
      actionpack (= 2.3.18)
    actionpack (2.3.18)
      activesupport (= 2.3.18)
      rack (~> 1.1.0)
    activerecord (2.3.18)
      activesupport (= 2.3.18)
    activeresource (2.3.18)
      activesupport (= 2.3.18)
    activesupport (2.3.18)
    calendar_date_select (1.16.2)
    chronic (0.6.7)
    cocaine (0.2.1)
    daemons (1.0.10)
    delayed_job (2.0.7)
      activesupport (~> 2.0)
      daemons (= 1.0.10)
    fastercsv (1.5.3)
    htmlentities (4.3.1)
    json (1.7.0)
    mime-types (1.18)
    mysql (2.8.1)
    net-ldap (0.1.1)
    paper_trail (1.6.5)
      actionpack (~> 2.3)
      activerecord (~> 2.3)
    paperclip (2.7.0)
      activerecord (>= 2.3.0)
      activesupport (>= 2.3.2)
      cocaine (>= 0.0.2)
      mime-types
    pdf-reader (1.1.0)
      Ascii85 (~> 1.0.0)
      ruby-rc4
    prawn (0.11.1)
      pdf-reader (>= 0.9.0)
      ttfunk (~> 1.0.0)
    rack (1.1.6)
    rails (2.3.18)
      actionmailer (= 2.3.18)
      actionpack (= 2.3.18)
      activerecord (= 2.3.18)
      activeresource (= 2.3.18)
      activesupport (= 2.3.18)
      rake (>= 0.8.3)
    rake (0.9.2.2)
    rdoc (3.12)
      json (~> 1.4)
    repeated_auto_complete (0.1.3)
    ruby-rc4 (0.1.5)
    searchlogic (2.4.27)
      activerecord (>= 2.0.0)
    ttfunk (1.0.3)
    whenever (0.7.3)
      activesupport (>= 2.3.4)
      chronic (~> 0.6.3)

PLATFORMS
  ruby

DEPENDENCIES
  Ascii85
  calendar_date_select (= 1.16.2)
  delayed_job (~> 2.0.4)
  fastercsv (= 1.5.3)
  htmlentities (~> 4.3.1)
  mysql
  net-ldap (= 0.1.1)
  paper_trail (~> 1)
  paperclip (~> 2.7.0)
  pdf-reader
  prawn (= 0.11.1)
  rails (~> 2.3.18)
  rake (~> 0.9.2.2)
  rdoc (~> 3.12)
  repeated_auto_complete
  ri_cal!
  searchlogic (= 2.4.27)
  whenever
